PATH
  remote: .
  specs:
    ftg (2.0)

GEM
  remote: https://rubygems.org/
  specs:
    activemodel (4.0.13)
      activesupport (= 4.0.13)
      builder (~> 3.1.0)
    activerecord (4.0.13)
      activemodel (= 4.0.13)
      activerecord-deprecated_finders (~> 1.0.2)
      activesupport (= 4.0.13)
      arel (~> 4.0.0)
    activerecord-deprecated_finders (1.0.4)
    activesupport (4.0.13)
      i18n (~> 0.6, >= 0.6.9)
      minitest (~> 4.2)
      multi_json (~> 1.3)
      thread_safe (~> 0.1)
      tzinfo (~> 0.3.37)
    arel (4.0.2)
    awesome_print (1.6.1)
    builder (3.1.4)
    coderay (1.1.0)
    httparty (0.13.7)
      json (~> 1.8)
      multi_xml (>= 0.5.2)
    i18n (0.7.0)
    json (1.8.3)
    method_source (0.8.2)
    minitest (4.7.5)
    multi_json (1.11.2)
    multi_xml (0.5.5)
    pry (0.10.2)
      coderay (~> 1.1.0)
      method_source (~> 0.8.1)
      slop (~> 3.4)
    rake (10.4.2)
    slop (3.6.0)
    sqlite3 (1.3.11)
    thread_safe (0.3.5)
    tzinfo (0.3.44)

PLATFORMS
  ruby

DEPENDENCIES
  activerecord
  awesome_print
  bundler (~> 1.10)
  ftg!
  httparty
  json
  pry
  rake (~> 10.0)
  sqlite3

BUNDLED WITH
   1.10.6
